PATH
  remote: .
  specs:
    gitoe (0.0.1)
      rugged
      sinatra

GEM
  remote: http://rubygems.org/
  specs:
    coffee-script (2.2.0)
      coffee-script-source
      execjs
    coffee-script-source (1.6.2)
    colored (1.2)
    cri (2.3.0)
      colored (>= 1.2)
    daemons (1.1.9)
    eventmachine (1.0.3)
    execjs (1.4.0)
      multi_json (~> 1.0)
    haml (4.0.1)
      tilt
    listen (0.7.3)
    multi_json (1.7.2)
    nanoc (3.6.2)
      cri (~> 2.3)
    rack (1.5.2)
    rack-protection (1.5.0)
      rack
    rugged (0.16.0)
    sass (3.2.7)
    sinatra (1.4.2)
      rack (~> 1.5, >= 1.5.2)
      rack-protection (~> 1.4)
      tilt (~> 1.3, >= 1.3.4)
    thin (1.5.1)
      daemons (>= 1.0.9)
      eventmachine (>= 0.12.6)
      rack (>= 1.0.0)
    tilt (1.3.6)

PLATFORMS
  ruby

DEPENDENCIES
  coffee-script
  gitoe!
  haml
  listen
  nanoc
  sass
  thin
